GEM
  remote: https://rubygems.org/
  specs:
    bump (0.8.0)

PLATFORMS
  ruby

DEPENDENCIES
  bump

BUNDLED WITH
   2.0.1
